GEM
  remote: https://rubygems.org/
  specs:
    daemons (1.1.9)
    erubis (2.7.0)
    eventmachine (1.0.3)
    pg (0.15.0)
    rack (1.5.2)
    rack-protection (1.5.0)
      rack
    sequel (3.48.0)
    sinatra (1.4.3)
      rack (~> 1.4)
      rack-protection (~> 1.4)
      tilt (~> 1.3, >= 1.3.4)
    thin (1.5.1)
      daemons (>= 1.0.9)
      eventmachine (>= 0.12.6)
      rack (>= 1.0.0)
    tilt (1.4.1)

PLATFORMS
  ruby

DEPENDENCIES
  erubis
  pg
  sequel
  sinatra
  thin
