GEM
  remote: https://rubygems.org/
  specs:
    daemons (1.1.9)
    em-hiredis (0.1.1)
      hiredis (~> 0.4.0)
    eventmachine (1.0.0)
    hiredis (0.4.5)
    minitest (3.4.0)
    rack (1.4.1)
    rack-protection (1.2.0)
      rack
    sinatra (1.3.3)
      rack (~> 1.3, >= 1.3.6)
      rack-protection (~> 1.2)
      tilt (~> 1.3, >= 1.3.3)
    thin (1.4.1)
      daemons (>= 1.0.9)
      eventmachine (>= 0.12.6)
      rack (>= 1.0.0)
    tilt (1.3.3)

PLATFORMS
  ruby

DEPENDENCIES
  em-hiredis (~> 0.1.1)
  eventmachine (~> 1.0.0)
  minitest (~> 3.4.0)
  sinatra (~> 1.3.3)
  thin (~> 1.4.1)
