GEM
  remote: https://rubygems.org/
  specs:
    eventmachine (1.0.3)
    httpclient (2.3.3)

PLATFORMS
  ruby

DEPENDENCIES
  eventmachine
  httpclient
