GEM
  remote: https://rubygems.org/
  specs:
    daemons (1.1.9)
    em-synchrony (1.0.2)
      eventmachine (>= 1.0.0.beta.1)
    eventmachine (1.0.0)
    minitest (3.4.0)
    rack (1.4.1)
    rack-protection (1.2.0)
      rack
    redis (3.0.1)
    sinatra (1.3.3)
      rack (~> 1.3, >= 1.3.6)
      rack-protection (~> 1.2)
      tilt (~> 1.3, >= 1.3.3)
    thin (1.4.1)
      daemons (>= 1.0.9)
      eventmachine (>= 0.12.6)
      rack (>= 1.0.0)
    tilt (1.3.3)

PLATFORMS
  ruby

DEPENDENCIES
  em-synchrony (~> 1.0.2)
  eventmachine (~> 1.0.0)
  minitest (~> 3.4.0)
  redis (~> 3.0.1)
  sinatra (~> 1.3.3)
  thin (~> 1.4.1)
