GEM
  remote: https://rubygems.org/
  specs:
    bcrypt-ruby (3.1.0)
    eventmachine (1.0.3)

PLATFORMS
  ruby

DEPENDENCIES
  bcrypt-ruby
  eventmachine
